PATH
  remote: .
  specs:
    rack-oauth2 (0.11.0)
      activesupport (>= 2.3)
      addressable (>= 2.2.6)
      attr_required (>= 0.0.3)
      httpclient (>= 2.2.0.2)
      i18n
      json (>= 1.4.3)
      rack (>= 1.1)

GEM
  remote: http://rubygems.org/
  specs:
    activesupport (3.1.1)
      multi_json (~> 1.0)
    addressable (2.2.6)
    attr_required (0.0.3)
    bouncy-castle-java (1.5.0146.1)
    configatron (2.8.3)
      yamler (>= 0.1.0)
    cover_me (1.2.0)
      configatron
      hashie
    crack (0.3.1)
    diff-lcs (1.1.3)
    hashie (1.2.0)
    httpclient (2.2.3)
    i18n (0.6.0)
    jruby-openssl (0.7.4)
      bouncy-castle-java
    json (1.6.1)
    json (1.6.1-java)
    multi_json (1.0.3)
    rack (1.3.5)
    rake (0.9.2.2)
    rspec (2.7.0)
      rspec-core (~> 2.7.0)
      rspec-expectations (~> 2.7.0)
      rspec-mocks (~> 2.7.0)
    rspec-core (2.7.1)
    rspec-expectations (2.7.0)
      diff-lcs (~> 1.1.2)
    rspec-mocks (2.7.0)
    webmock (1.7.7)
      addressable (> 2.2.5, ~> 2.2)
      crack (>= 0.1.7)
    yamler (0.1.0)

PLATFORMS
  java
  ruby

DEPENDENCIES
  cover_me (>= 1.2.0)
  jruby-openssl (>= 0.7)
  rack-oauth2!
  rake (>= 0.8)
  rspec (>= 2)
  webmock (>= 1.6.2)
