PATH
  remote: .
  specs:
    rack-oauth2 (0.8.3)
      activesupport (>= 2.3)
      addressable (>= 2.2.6)
      attr_required (>= 0.0.3)
      httpclient (>= 2.2.0.2)
      i18n
      json (>= 1.4.3)
      rack (>= 1.1)

GEM
  remote: http://rubygems.org/
  specs:
    activesupport (3.0.9)
    addressable (2.2.6)
    attr_required (0.0.3)
    crack (0.1.8)
    diff-lcs (1.1.2)
    httpclient (2.2.1)
    i18n (0.6.0)
    json (1.5.3)
    rack (1.3.0)
    rake (0.9.2)
    rcov (0.9.9)
    rspec (2.6.0)
      rspec-core (~> 2.6.0)
      rspec-expectations (~> 2.6.0)
      rspec-mocks (~> 2.6.0)
    rspec-core (2.6.4)
    rspec-expectations (2.6.0)
      diff-lcs (~> 1.1.2)
    rspec-mocks (2.6.0)
    webmock (1.6.4)
      addressable (> 2.2.5, ~> 2.2)
      crack (>= 0.1.7)

PLATFORMS
  ruby

DEPENDENCIES
  rack-oauth2!
  rake (>= 0.8)
  rcov (>= 0.9)
  rspec (>= 2)
  webmock (>= 1.6.2)
